PATH
  remote: .
  specs:
    boxcutter (0.0.1)
      faraday
      trollop

GEM
  remote: https://rubygems.org/
  specs:
    faraday (0.8.1)
      multipart-post (~> 1.1)
    multipart-post (1.1.5)
    trollop (1.16.2)

PLATFORMS
  ruby

DEPENDENCIES
  boxcutter!
