PATH
  remote: .
  specs:
    boxcutter (0.2)
      faraday
      trollop
      yajl-ruby

GEM
  remote: https://rubygems.org/
  specs:
    faraday (0.8.1)
      multipart-post (~> 1.1)
    multipart-post (1.1.5)
    trollop (1.16.2)
    yajl-ruby (1.1.0)

PLATFORMS
  ruby

DEPENDENCIES
  boxcutter!
