GEM
  remote: http://rubygems.org/
  specs:
    faraday (0.8.1)
      multipart-post (~> 1.1)
    multipart-post (1.1.5)

PLATFORMS
  ruby

DEPENDENCIES
  faraday
