PATH
  remote: .
  specs:
    boxcutter (0.0.1)
      faraday
      faraday_middleware

GEM
  remote: https://rubygems.org/
  specs:
    faraday (0.8.1)
      multipart-post (~> 1.1)
    faraday_middleware (0.8.7)
      faraday (>= 0.7.4, < 0.9)
    multipart-post (1.1.5)

PLATFORMS
  ruby

DEPENDENCIES
  boxcutter!
